PATH
  remote: .
  specs:
    RedCloth (4.2.4.1)

GEM
  remote: http://rubygems.org/
  specs:
    diff-lcs (1.1.2)
    rake (0.8.7)
    rake-compiler (0.7.1)
      rake (>= 0.8.3, < 0.9)
    rspec (2.1.0)
      rspec-core (~> 2.1.0)
      rspec-expectations (~> 2.1.0)
      rspec-mocks (~> 2.1.0)
    rspec-core (2.1.0)
    rspec-expectations (2.1.0)
      diff-lcs (~> 1.1.2)
    rspec-mocks (2.1.0)
    rvm (1.1.0)

PLATFORMS
  java
  ruby

DEPENDENCIES
  RedCloth!
  diff-lcs
  rake (~> 0.8.7)
  rake-compiler (~> 0.7.1)
  rspec (~> 2.1)
  rvm
